GIT
  remote: git://github.com/capistrano/rbenv.git
  revision: eee41a3f202c53b0d44ffde89d8147e3b5b7c474
  specs:
    capistrano-rbenv (2.0.0)
      capistrano (~> 3.0)
      sshkit (~> 1.2.0)

GEM
  remote: http://rubygems.org/
  specs:
    aws-sdk (1.29.1)
      json (~> 1.4)
      nokogiri (>= 1.4.4)
      uuidtools (~> 2.1)
    capistrano (3.0.1)
      i18n
      rake (>= 10.0.0)
      sshkit (>= 0.0.23)
    capistrano-bundler (1.0.0)
      capistrano (>= 3.0.0.pre)
    diff-lcs (1.2.5)
    i18n (0.6.9)
    json (1.8.1)
    mime-types (2.0)
    mini_magick (3.7.0)
      subexec (~> 0.2.1)
    mini_portile (0.5.2)
    net-scp (1.1.2)
      net-ssh (>= 2.6.5)
    net-ssh (2.7.0)
    nokogiri (1.6.1)
      mini_portile (~> 0.5.0)
    rack (1.5.2)
    rack-protection (1.5.1)
      rack
    rake (10.1.0)
    rspec (2.14.1)
      rspec-core (~> 2.14.0)
      rspec-expectations (~> 2.14.0)
      rspec-mocks (~> 2.14.0)
    rspec-core (2.14.7)
    rspec-expectations (2.14.4)
      diff-lcs (>= 1.1.3, < 2.0)
    rspec-mocks (2.14.4)
    sinatra (1.4.4)
      rack (~> 1.4)
      rack-protection (~> 1.4)
      tilt (~> 1.3, >= 1.3.4)
    sshkit (1.2.0)
      net-scp (>= 1.1.2)
      net-ssh
      term-ansicolor
    subexec (0.2.3)
    term-ansicolor (1.2.2)
      tins (~> 0.8)
    tilt (1.4.1)
    tins (0.13.1)
    uuidtools (2.1.4)

PLATFORMS
  ruby

DEPENDENCIES
  aws-sdk (~> 1.29.1)
  capistrano (~> 3.0.1)
  capistrano-bundler (~> 1.0.0)
  capistrano-rbenv!
  mime-types (~> 2.0)
  mini_magick (~> 3.7.0)
  rspec (~> 2.14.1)
  rspec-mocks (~> 2.14.4)
  sinatra (~> 1.4.4)
